PATH
  remote: .
  specs:
    smart_operation (0.0.0)
      smart_engine (~> 0.5)
      smart_initializer (~> 0.1.0.alpha4)

GEM
  remote: https://rubygems.org/
  specs:
    armitage-rubocop (0.79.0)
      rubocop (= 0.79.0)
      rubocop-performance (= 1.5.2)
      rubocop-rails (= 2.4.1)
      rubocop-rake (= 0.5.0)
      rubocop-rspec (= 1.37.1)
    ast (2.4.0)
    diff-lcs (1.3)
    docile (1.3.2)
    jaro_winkler (1.5.4)
    json (2.3.0)
    parallel (1.19.1)
    parser (2.7.0.2)
      ast (~> 2.4.0)
    rack (2.1.1)
    rainbow (3.0.0)
    rake (13.0.1)
    rspec (3.9.0)
      rspec-core (~> 3.9.0)
      rspec-expectations (~> 3.9.0)
      rspec-mocks (~> 3.9.0)
    rspec-core (3.9.1)
      rspec-support (~> 3.9.1)
    rspec-expectations (3.9.0)
      diff-lcs (>= 1.2.0, < 2.0)
      rspec-support (~> 3.9.0)
    rspec-mocks (3.9.1)
      diff-lcs (>= 1.2.0, < 2.0)
      rspec-support (~> 3.9.0)
    rspec-support (3.9.2)
    rubocop (0.79.0)
      jaro_winkler (~> 1.5.1)
      parallel (~> 1.10)
      parser (>= 2.7.0.1)
      rainbow (>= 2.2.2, < 4.0)
      ruby-progressbar (~> 1.7)
      unicode-display_width (>= 1.4.0, < 1.7)
    rubocop-performance (1.5.2)
      rubocop (>= 0.71.0)
    rubocop-rails (2.4.1)
      rack (>= 1.1)
      rubocop (>= 0.72.0)
    rubocop-rake (0.5.0)
      rubocop
    rubocop-rspec (1.37.1)
      rubocop (>= 0.68.1)
    ruby-progressbar (1.10.1)
    simplecov (0.17.1)
      docile (~> 1.1)
      json (>= 1.8, < 3)
      simplecov-html (~> 0.10.0)
    simplecov-html (0.10.2)
    smart_engine (0.5.0)
    smart_initializer (0.1.0.alpha4)
      smart_engine (~> 0.5)
      smart_types (~> 0.1.0.alpha6)
    smart_types (0.1.0.alpha6)
      smart_engine (~> 0.5)
    unicode-display_width (1.6.1)

PLATFORMS
  ruby

DEPENDENCIES
  armitage-rubocop (~> 0.78)
  bundler (~> 2.1)
  rake (~> 13.0)
  rspec (~> 3.9)
  simplecov (~> 0.17)
  smart_operation!

BUNDLED WITH
   2.1.2
